PATH
  remote: .
  specs:
    damien-kramdown-prismic (0.2.0)
      kramdown (~> 1.0)

GEM
  remote: https://rubygems.org/
  specs:
    kramdown (1.17.0)
    minitest (5.10.3)
    rake (12.2.1)

PLATFORMS
  ruby

DEPENDENCIES
  damien-kramdown-prismic!
  minitest (~> 5.0)
  rake (~> 12.0)

BUNDLED WITH
   1.17.2
